GEM
  remote: https://rubygems.org/
  specs:
    byebug (8.2.5)
    coderay (1.1.1)
    json (1.8.3)
    method_source (0.8.2)
    pg (0.18.4)
    pry (0.10.3)
      coderay (~> 1.1.0)
      method_source (~> 0.8.1)
      slop (~> 3.4)
    rack (1.6.4)
    rack-protection (1.5.3)
      rack
    sequel (4.34.0)
    sequel_pg (1.6.17)
      pg (>= 0.8.0)
      sequel (>= 4.0.0)
    sinatra (1.4.7)
      rack (~> 1.5)
      rack-protection (~> 1.4)
      tilt (>= 1.3, < 3)
    slop (3.6.0)
    tilt (2.0.2)

PLATFORMS
  ruby

DEPENDENCIES
  byebug
  json
  pry
  sequel
  sequel_pg
  sinatra

BUNDLED WITH
   1.11.2
